GIT
  remote: https://github.com/livelink/httpclient.git
  revision: 3efedc65787366d4c1936ea0c0247202a5a2ad99
  specs:
    httpclient (2.8.5)

PATH
  remote: .
  specs:
    ehbrs-tools (0.32.0)
      avm-tools (~> 0.145, >= 0.145.1)
      eac_cli (~> 0.30, >= 0.30.1)
      eac_ruby_utils (~> 0.102, >= 0.102.1)
      ehbrs_ruby_utils (~> 0.18)
      filesize (~> 0.2)
      inifile (~> 3.0)
      os (~> 1.1, >= 1.1.4)
      telegram-bot-ruby (~> 0.19, >= 0.19.2)

PATH
  remote: sub/aranha-selenium
  specs:
    aranha-selenium (0.5.0)
      eac_ruby_utils (~> 0.106, >= 0.106.1)
      selenium-webdriver (~> 3.142, >= 3.142.7)

PATH
  remote: sub/eac_cli
  specs:
    eac_cli (0.30.1)
      colorize (~> 0.8, >= 0.8.1)
      eac_config (~> 0.12)
      eac_ruby_utils (~> 0.112)

PATH
  remote: sub/eac_docker
  specs:
    eac_docker (0.6.0)
      eac_ruby_utils (~> 0.112)
      eac_templates (~> 0.3, >= 0.3.2)

PATH
  remote: sub/eac_ruby_base0
  specs:
    eac_ruby_base0 (0.17.3)
      avm-eac_ruby_base1 (~> 0.29)
      eac_cli (~> 0.30, >= 0.30.1)
      eac_fs (~> 0.16)
      eac_ruby_utils (~> 0.112)

PATH
  remote: sub/eac_ruby_utils
  specs:
    eac_ruby_utils (0.112.0)
      activesupport (>= 4, < 7)
      addressable (~> 2.8, >= 2.8.1)
      bundler
      filesize (~> 0.2)
      net-ssh (~> 4.2)

PATH
  remote: sub/eac_templates
  specs:
    eac_templates (0.3.2)
      eac_config (~> 0.11, >= 0.11.1)
      eac_ruby_utils (~> 0.102, >= 0.102.1)

PATH
  remote: sub/ehbrs_ruby_utils
  specs:
    ehbrs_ruby_utils (0.19.0)
      aranha (~> 0.18)
      aranha-parsers (~> 0.14, >= 0.14.4)
      avm (~> 0.62)
      eac_fs (~> 0.16)
      eac_ruby_utils (~> 0.111)
      eac_templates (~> 0.3, >= 0.3.2)
      taglib-ruby (~> 1.1, >= 1.1.3)
      ultimate_lyrics (~> 0.1, >= 0.1.3)

GEM
  remote: https://rubygems.org/
  specs:
    activesupport (6.1.7.2)
      concurrent-ruby (~> 1.0, >= 1.0.2)
      i18n (>= 1.6, < 2)
      minitest (>= 5.1)
      tzinfo (~> 2.0)
      zeitwerk (~> 2.3)
    addressable (2.8.1)
      public_suffix (>= 2.0.2, < 6.0)
    aranha (0.18.0)
      aranha-parsers (~> 0.14, >= 0.14.3)
      aranha-selenium (~> 0.5)
      eac_ruby_utils (~> 0.106, >= 0.106.1)
      httpclient (~> 2.8, >= 2.8.3)
    aranha-parsers (0.14.4)
      activesupport (>= 4.0.0)
      addressable (~> 2.8, >= 2.8.1)
      curb (~> 0.9, >= 0.9.11)
      eac_ruby_utils (~> 0.106)
      faraday-gzip (~> 0.1)
      faraday_middleware (~> 1.2)
      nokogiri (~> 1.13, >= 1.13.9)
      ofx-parser (~> 1.1)
    ast (2.4.2)
    avm (0.62.0)
      aranha-parsers (~> 0.14, >= 0.14.4)
      eac_cli (~> 0.30)
      eac_config (~> 0.12)
      eac_docker (~> 0.5)
      eac_fs (~> 0.16)
      eac_git (~> 0.14)
      eac_ruby_utils (~> 0.111)
      eac_templates (~> 0.3, >= 0.3.2)
      filesize (~> 0.2)
      htmlbeautifier (~> 1.4, >= 1.4.2)
      minitar (~> 0.9)
    avm-eac_generic_base0 (0.10.0)
      avm (~> 0.61)
      eac_ruby_utils (~> 0.110, >= 0.110.1)
    avm-eac_ruby_base1 (0.29.0)
      avm (~> 0.61)
      avm-eac_generic_base0 (~> 0.10)
      eac_ruby_utils (~> 0.110, >= 0.110.1)
    avm-eac_ubuntu_base0 (0.4.0)
      avm (~> 0.57)
      eac_ruby_utils (~> 0.109)
      eac_templates (~> 0.3, >= 0.3.2)
    avm-files (0.6.0)
      avm (~> 0.52)
      eac_cli (~> 0.28)
      eac_fs (~> 0.12, >= 0.12.3)
      eac_ruby_utils (~> 0.106)
      eac_templates (~> 0.3, >= 0.3.2)
    avm-git (0.12.0)
      avm (~> 0.61)
      avm-files (~> 0.6)
      eac_git (~> 0.14)
      eac_ruby_utils (~> 0.110, >= 0.110.1)
      git (~> 1.13, >= 1.13.1)
    avm-tools (0.145.1)
      aranha-parsers (~> 0.14, >= 0.14.4)
      avm (~> 0.62)
      avm-eac_ruby_base1 (~> 0.29)
      avm-eac_ubuntu_base0 (~> 0.4)
      avm-files (~> 0.6)
      avm-git (~> 0.12)
      clipboard (~> 1.3, >= 1.3.6)
      curb (~> 0.9, >= 0.9.11)
      eac_git (~> 0.14)
      eac_ruby_base0 (~> 0.17, >= 0.17.2)
      eac_templates (~> 0.3, >= 0.3.2)
      git (~> 1.13, >= 1.13.1)
      ruby-progressbar (~> 1.11)
    axiom-types (0.1.1)
      descendants_tracker (~> 0.0.4)
      ice_nine (~> 0.11.0)
      thread_safe (~> 0.3, >= 0.3.1)
    childprocess (3.0.0)
    clipboard (1.3.6)
    coercible (1.0.0)
      descendants_tracker (~> 0.0.1)
    colorize (0.8.1)
    concurrent-ruby (1.2.0)
    content-type (0.0.2)
      parslet (~> 2.0)
    curb (0.9.11)
    descendants_tracker (0.0.4)
      thread_safe (~> 0.3, >= 0.3.1)
    diff-lcs (1.5.0)
    dry-inflector (1.0.0)
    eac_config (0.12.0)
      addressable (~> 2.8, >= 2.8.1)
      eac_ruby_utils (~> 0.107)
    eac_fs (0.16.0)
      content-type (~> 0.0, >= 0.0.2)
      eac_ruby_utils (~> 0.107, >= 0.107.1)
      ruby-filemagic (~> 0.7, >= 0.7.3)
    eac_git (0.14.0)
      eac_ruby_utils (~> 0.107)
      parseconfig (~> 1.1, >= 1.1.2)
    eac_ruby_gem_support (0.5.1)
      eac_ruby_utils (~> 0.74)
      rspec (~> 3.9)
      rubocop (~> 0.80.1)
      rubocop-rails (~> 2.4.2)
      rubocop-rspec (~> 1.38.1)
    faraday (1.10.3)
      faraday-em_http (~> 1.0)
      faraday-em_synchrony (~> 1.0)
      faraday-excon (~> 1.1)
      faraday-httpclient (~> 1.0)
      faraday-multipart (~> 1.0)
      faraday-net_http (~> 1.0)
      faraday-net_http_persistent (~> 1.0)
      faraday-patron (~> 1.0)
      faraday-rack (~> 1.0)
      faraday-retry (~> 1.0)
      ruby2_keywords (>= 0.0.4)
    faraday-em_http (1.0.0)
    faraday-em_synchrony (1.0.0)
    faraday-excon (1.1.0)
    faraday-gzip (0.1.0)
      faraday (>= 1.0)
      zlib (~> 2.1)
    faraday-httpclient (1.0.1)
    faraday-multipart (1.0.4)
      multipart-post (~> 2)
    faraday-net_http (1.0.1)
    faraday-net_http_persistent (1.2.0)
    faraday-patron (1.0.0)
    faraday-rack (1.0.0)
    faraday-retry (1.0.3)
    faraday_middleware (1.2.0)
      faraday (~> 1.0)
    filesize (0.2.0)
    git (1.13.1)
      addressable (~> 2.8)
      rchardet (~> 1.8)
    hpricot (0.8.6)
    htmlbeautifier (1.4.2)
    i18n (1.12.0)
      concurrent-ruby (~> 1.0)
    ice_nine (0.11.2)
    inifile (3.0.0)
    jaro_winkler (1.5.4)
    minitar (0.9)
    minitest (5.17.0)
    multipart-post (2.3.0)
    net-ssh (4.2.0)
    nokogiri (1.14.0-x86_64-linux)
      racc (~> 1.4)
    ofx-parser (1.1.0)
      hpricot (>= 0.6)
    os (1.1.4)
    parallel (1.22.1)
    parseconfig (1.1.2)
    parser (3.2.0.0)
      ast (~> 2.4.1)
    parslet (2.0.0)
    public_suffix (5.0.1)
    racc (1.6.2)
    rack (3.0.4.1)
    rainbow (3.1.1)
    rchardet (1.8.0)
    rexml (3.2.5)
    rspec (3.12.0)
      rspec-core (~> 3.12.0)
      rspec-expectations (~> 3.12.0)
      rspec-mocks (~> 3.12.0)
    rspec-core (3.12.0)
      rspec-support (~> 3.12.0)
    rspec-expectations (3.12.2)
      diff-lcs (>= 1.2.0, < 2.0)
      rspec-support (~> 3.12.0)
    rspec-mocks (3.12.3)
      diff-lcs (>= 1.2.0, < 2.0)
      rspec-support (~> 3.12.0)
    rspec-support (3.12.0)
    rubocop (0.80.1)
      jaro_winkler (~> 1.5.1)
      parallel (~> 1.10)
      parser (>= 2.7.0.1)
      rainbow (>= 2.2.2, < 4.0)
      rexml
      ruby-progressbar (~> 1.7)
      unicode-display_width (>= 1.4.0, < 1.7)
    rubocop-rails (2.4.2)
      rack (>= 1.1)
      rubocop (>= 0.72.0)
    rubocop-rspec (1.38.1)
      rubocop (>= 0.68.1)
    ruby-filemagic (0.7.3)
    ruby-progressbar (1.11.0)
    ruby2_keywords (0.0.5)
    rubyzip (2.3.2)
    selenium-webdriver (3.142.7)
      childprocess (>= 0.5, < 4.0)
      rubyzip (>= 1.2.2)
    taglib-ruby (1.1.3)
    telegram-bot-ruby (0.19.2)
      dry-inflector
      faraday (~> 1.0)
      virtus (~> 2.0)
    thread_safe (0.3.6)
    tzinfo (2.0.5)
      concurrent-ruby (~> 1.0)
    ultimate_lyrics (0.1.3)
      aranha-parsers (~> 0.10)
      eac_ruby_utils (~> 0.102, >= 0.102.1)
    unicode-display_width (1.6.1)
    virtus (2.0.0)
      axiom-types (~> 0.1)
      coercible (~> 1.0)
      descendants_tracker (~> 0.0, >= 0.0.3)
    zeitwerk (2.6.6)
    zlib (2.1.1)

PLATFORMS
  x86_64-linux

DEPENDENCIES
  aranha-selenium!
  eac_cli!
  eac_docker!
  eac_ruby_base0!
  eac_ruby_gem_support (~> 0.3)
  eac_ruby_utils!
  eac_templates!
  ehbrs-tools!
  ehbrs_ruby_utils!
  httpclient!

BUNDLED WITH
   2.3.26
