PATH
  remote: .
  specs:
    ehbrs-tools (0.0.0)

GEM
  remote: https://rubygems.org/
  specs:

PLATFORMS
  ruby

DEPENDENCIES
  ehbrs-tools!

BUNDLED WITH
   1.17.3
