PATH
  remote: .
  specs:
    ehbrs-tools (0.41.0)
      avm-files (~> 0.7)
      eac_cli (~> 0.41)
      eac_ruby_base0 (~> 0.19)
      eac_ruby_utils (~> 0.121)
      ehbrs_ruby_utils (~> 0.43)
      filesize (~> 0.2)
      os (~> 1.1, >= 1.1.4)
      telegram-bot-ruby (~> 0.23)

PATH
  remote: sub/aranha-selenium
  specs:
    aranha-selenium (0.10.1)
      eac_fs (~> 0.17)
      eac_ruby_utils (~> 0.122)
      eac_templates (~> 0.7)
      selenium-webdriver (~> 3.142, >= 3.142.7)

PATH
  remote: sub/eac_cli
  specs:
    eac_cli (0.41.0)
      colorize (~> 0.8, >= 0.8.1)
      eac_config (~> 0.14, >= 0.14.2)
      eac_ruby_utils (~> 0.121)
      tty-table (~> 0.12)

PATH
  remote: sub/ehbrs_ruby_utils
  specs:
    ehbrs_ruby_utils (0.43.0)
      aranha (~> 0.19, >= 0.19.2)
      aranha-parsers (~> 0.22)
      aranha-selenium (~> 0.10, >= 0.10.1)
      avm (~> 0.91)
      dentaku (~> 3.5, >= 3.5.2)
      eac_fs (~> 0.17)
      eac_rest (~> 0.12)
      eac_ruby_utils (~> 0.121)
      eac_templates (~> 0.5, >= 0.5.1)
      inifile (~> 3.0)
      srt (~> 0.1, >= 0.1.5)
      taglib-ruby (~> 1.1, >= 1.1.3)
      ultimate_lyrics (~> 0.1, >= 0.1.3)

GEM
  remote: https://rubygems.org/
  specs:
    activesupport (6.1.7.8)
      concurrent-ruby (~> 1.0, >= 1.0.2)
      i18n (>= 1.6, < 2)
      minitest (>= 5.1)
      tzinfo (~> 2.0)
      zeitwerk (~> 2.3)
    addressable (2.8.6)
      public_suffix (>= 2.0.2, < 6.0)
    aranha (0.19.2)
      aranha-parsers (~> 0.18)
      aranha-selenium (~> 0.5)
      eac_ruby_utils (~> 0.116)
    aranha-parsers (0.22.0)
      activesupport (>= 4.0.0)
      addressable (~> 2.8, >= 2.8.5)
      eac_envs-http (~> 0.4, >= 0.4.1)
      eac_ruby_utils (~> 0.119, >= 0.119.2)
      nokogiri (~> 1.15, >= 1.15.4)
      ofx-parser (~> 1.1)
    ast (2.4.2)
    avm (0.92.0)
      eac_cli (~> 0.41)
      eac_config (~> 0.14, >= 0.14.2)
      eac_docker (~> 0.7)
      eac_fs (~> 0.17)
      eac_ruby_utils (~> 0.122)
      eac_templates (~> 0.7)
      minitar (~> 0.9)
      ruby-progressbar (~> 1.13)
    avm-eac_generic_base0 (0.13.0)
      avm (~> 0.90)
      eac_ruby_utils (~> 0.121)
    avm-eac_ruby_base1 (0.34.1)
      avm (~> 0.92)
      avm-eac_generic_base0 (~> 0.13)
      eac_envs-http (~> 0.5, >= 0.5.1)
      eac_ruby_utils (~> 0.122)
    avm-files (0.7.0)
      avm (~> 0.84, >= 0.84.2)
      eac_cli (~> 0.40)
      eac_fs (~> 0.17)
      eac_ruby_utils (~> 0.121)
      eac_templates (~> 0.5, >= 0.5.1)
    axiom-types (0.1.1)
      descendants_tracker (~> 0.0.4)
      ice_nine (~> 0.11.0)
      thread_safe (~> 0.3, >= 0.3.1)
    base64 (0.2.0)
    childprocess (3.0.0)
    coercible (1.0.0)
      descendants_tracker (~> 0.0.1)
    colorize (0.8.1)
    concurrent-ruby (1.3.2)
    content-type (0.0.2)
      parslet (~> 2.0)
    dentaku (3.5.2)
      concurrent-ruby
    descendants_tracker (0.0.4)
      thread_safe (~> 0.3, >= 0.3.1)
    diff-lcs (1.5.1)
    dry-inflector (1.0.0)
    eac_config (0.14.2)
      addressable (~> 2.8, >= 2.8.6)
      eac_ruby_utils (~> 0.121)
    eac_docker (0.7.0)
      eac_ruby_utils (~> 0.112)
      eac_templates (~> 0.3, >= 0.3.2)
    eac_envs-http (0.5.1)
      eac_fs (~> 0.17)
      eac_ruby_utils (~> 0.120)
      faraday (~> 2.7, >= 2.7.12)
      faraday-follow_redirects (~> 0.3)
      faraday-gzip (~> 0.1)
      faraday-multipart (~> 1.0, >= 1.0.4)
      faraday-retry (~> 2.2)
    eac_fs (0.17.0)
      content-type (~> 0.0, >= 0.0.2)
      eac_ruby_utils (~> 0.120)
      ruby-filemagic (~> 0.7, >= 0.7.3)
    eac_rest (0.12.0)
      eac_envs-http (~> 0.5)
      eac_fs (~> 0.16)
      eac_ruby_utils (~> 0.120)
    eac_ruby_base0 (0.19.0)
      avm-eac_ruby_base1 (~> 0.30, >= 0.30.3)
      eac_cli (~> 0.35)
      eac_fs (~> 0.16)
      eac_ruby_utils (~> 0.117)
    eac_ruby_gem_support (0.10.0)
      eac_ruby_utils (~> 0.120)
      rspec (~> 3.12)
      rubocop (~> 1.60, >= 1.60.1)
      rubocop-rails (~> 2.23, >= 2.23.1)
      rubocop-rspec (~> 2.26, >= 2.26.1)
    eac_ruby_utils (0.122.0)
      activesupport (>= 4, < 7)
      addressable (~> 2.8, >= 2.8.6)
      bundler
      filesize (~> 0.2)
      net-ssh (~> 4.2)
    eac_templates (0.7.0)
      eac_config (~> 0.14, >= 0.14.2)
      eac_ruby_utils (~> 0.122)
    faraday (2.8.1)
      base64
      faraday-net_http (>= 2.0, < 3.1)
      ruby2_keywords (>= 0.0.4)
    faraday-follow_redirects (0.3.0)
      faraday (>= 1, < 3)
    faraday-gzip (0.1.0)
      faraday (>= 1.0)
      zlib (~> 2.1)
    faraday-multipart (1.0.4)
      multipart-post (~> 2)
    faraday-net_http (3.0.2)
    faraday-retry (2.2.1)
      faraday (~> 2.0)
    filesize (0.2.0)
    hpricot (0.8.6)
    i18n (1.14.5)
      concurrent-ruby (~> 1.0)
    ice_nine (0.11.2)
    inifile (3.0.0)
    json (2.7.2)
    language_server-protocol (3.17.0.3)
    minitar (0.9)
    minitest (5.23.1)
    multipart-post (2.4.1)
    net-ssh (4.2.0)
    nokogiri (1.15.6-x86_64-linux)
      racc (~> 1.4)
    ofx-parser (1.1.0)
      hpricot (>= 0.6)
    os (1.1.4)
    parallel (1.25.1)
    parser (3.3.2.0)
      ast (~> 2.4.1)
      racc
    parslet (2.0.0)
    pastel (0.8.0)
      tty-color (~> 0.5)
    public_suffix (5.0.5)
    racc (1.8.0)
    rack (3.0.11)
    rainbow (3.1.1)
    regexp_parser (2.9.2)
    rexml (3.2.9)
      strscan
    rspec (3.13.0)
      rspec-core (~> 3.13.0)
      rspec-expectations (~> 3.13.0)
      rspec-mocks (~> 3.13.0)
    rspec-core (3.13.0)
      rspec-support (~> 3.13.0)
    rspec-expectations (3.13.0)
      diff-lcs (>= 1.2.0, < 2.0)
      rspec-support (~> 3.13.0)
    rspec-mocks (3.13.1)
      diff-lcs (>= 1.2.0, < 2.0)
      rspec-support (~> 3.13.0)
    rspec-support (3.13.1)
    rubocop (1.64.1)
      json (~> 2.3)
      language_server-protocol (>= 3.17.0)
      parallel (~> 1.10)
      parser (>= 3.3.0.2)
      rainbow (>= 2.2.2, < 4.0)
      regexp_parser (>= 1.8, < 3.0)
      rexml (>= 3.2.5, < 4.0)
      rubocop-ast (>= 1.31.1, < 2.0)
      ruby-progressbar (~> 1.7)
      unicode-display_width (>= 2.4.0, < 3.0)
    rubocop-ast (1.31.3)
      parser (>= 3.3.1.0)
    rubocop-capybara (2.21.0)
      rubocop (~> 1.41)
    rubocop-factory_bot (2.26.0)
      rubocop (~> 1.41)
    rubocop-rails (2.25.0)
      activesupport (>= 4.2.0)
      rack (>= 1.1)
      rubocop (>= 1.33.0, < 2.0)
      rubocop-ast (>= 1.31.1, < 2.0)
    rubocop-rspec (2.31.0)
      rubocop (~> 1.40)
      rubocop-capybara (~> 2.17)
      rubocop-factory_bot (~> 2.22)
      rubocop-rspec_rails (~> 2.28)
    rubocop-rspec_rails (2.29.0)
      rubocop (~> 1.40)
    ruby-filemagic (0.7.3)
    ruby-progressbar (1.13.0)
    ruby2_keywords (0.0.5)
    rubyzip (2.3.2)
    selenium-webdriver (3.142.7)
      childprocess (>= 0.5, < 4.0)
      rubyzip (>= 1.2.2)
    srt (0.1.5)
    strings (0.2.1)
      strings-ansi (~> 0.2)
      unicode-display_width (>= 1.5, < 3.0)
      unicode_utils (~> 1.4)
    strings-ansi (0.2.0)
    strscan (3.1.0)
    taglib-ruby (1.1.3)
    telegram-bot-ruby (0.23.0)
      dry-inflector
      faraday (~> 2.0)
      faraday-multipart (~> 1.0)
      virtus (~> 2.0)
    thread_safe (0.3.6)
    tty-color (0.6.0)
    tty-screen (0.8.2)
    tty-table (0.12.0)
      pastel (~> 0.8)
      strings (~> 0.2.0)
      tty-screen (~> 0.8)
    tzinfo (2.0.6)
      concurrent-ruby (~> 1.0)
    ultimate_lyrics (0.1.3)
      aranha-parsers (~> 0.10)
      eac_ruby_utils (~> 0.102, >= 0.102.1)
    unicode-display_width (2.5.0)
    unicode_utils (1.4.0)
    virtus (2.0.0)
      axiom-types (~> 0.1)
      coercible (~> 1.0)
      descendants_tracker (~> 0.0, >= 0.0.3)
    zeitwerk (2.6.15)
    zlib (2.1.1)

PLATFORMS
  x86_64-linux

DEPENDENCIES
  aranha-selenium!
  eac_cli!
  eac_ruby_gem_support (~> 0.9)
  ehbrs-tools!
  ehbrs_ruby_utils!

BUNDLED WITH
   2.4.22
