GIT
  remote: https://github.com/livelink/httpclient.git
  revision: 40f7e88078c95f9a6909fb56f9e313632637cd72
  specs:
    httpclient (2.8.4)

PATH
  remote: .
  specs:
    ehbrs-tools (0.28.2)
      avm-tools (~> 0.82, >= 0.82.1)
      eac_cli (~> 0.12, >= 0.12.5)
      eac_ruby_utils (~> 0.71)
      ehbrs_ruby_utils (~> 0.8, >= 0.8.1)
      filesize
      inifile (~> 3.0)
      os
      telegram-bot-ruby

PATH
  remote: vendor/aranha-parsers
  specs:
    aranha-parsers (0.10.0)
      activesupport (>= 4.0.0)
      addressable (~> 2.7)
      curb (~> 0.9.10)
      eac_ruby_utils (~> 0.74)
      faraday_middleware
      httpclient (~> 2.8, >= 2.8.3)
      nokogiri (~> 1.12, >= 1.12.4)
      ofx-parser (~> 1.1.0)

PATH
  remote: vendor/aranha-selenium
  specs:
    aranha-selenium (0.2.2)
      eac_ruby_utils (~> 0.70)
      selenium-webdriver (~> 3.142, >= 3.142.3)

PATH
  remote: vendor/eac_cli
  specs:
    eac_cli (0.23.1)
      colorize (~> 0.8.1)
      eac_config (~> 0.5, >= 0.5.1)
      eac_ruby_utils (~> 0.70)

PATH
  remote: vendor/eac_config
  specs:
    eac_config (0.5.1)
      addressable
      eac_ruby_utils (~> 0.70)

PATH
  remote: vendor/eac_docker
  specs:
    eac_docker (0.4.1)
      eac_ruby_utils (~> 0.74)
      eac_templates (~> 0.1)

PATH
  remote: vendor/eac_fs
  specs:
    eac_fs (0.5.0)
      content-type
      eac_ruby_utils (~> 0.70)
      ruby-filemagic

PATH
  remote: vendor/eac_ruby_base0
  specs:
    eac_ruby_base0 (0.12.0)
      eac_cli (~> 0.22, >= 0.22.2)
      eac_fs (~> 0.3)
      eac_ruby_gems_utils (~> 0.9.6, ~> 0.9)
      eac_ruby_utils (~> 0.70)

PATH
  remote: vendor/eac_ruby_gems_utils
  specs:
    eac_ruby_gems_utils (0.9.8)
      bundler
      eac_ruby_utils (~> 0.70)

PATH
  remote: vendor/eac_ruby_utils
  specs:
    eac_ruby_utils (0.79.0)
      activesupport (>= 4.0)
      addressable (~> 2.6)
      filesize
      net-ssh (~> 4.2)

PATH
  remote: vendor/eac_templates
  specs:
    eac_templates (0.2.0)
      eac_config (~> 0.5)
      eac_ruby_utils (~> 0.64)

PATH
  remote: vendor/ehbrs_ruby_utils
  specs:
    ehbrs_ruby_utils (0.12.1)
      aranha-parsers (~> 0.8, >= 0.8.5)
      avm (~> 0.3, >= 0.3.2)
      eac_fs (~> 0.5)
      eac_ruby_utils (~> 0.70)
      eac_templates (~> 0.1, >= 0.1.1)
      taglib-ruby (~> 1.1)
      ultimate_lyrics (~> 0.1)

PATH
  remote: vendor/ultimate_lyrics
  specs:
    ultimate_lyrics (0.1.2)
      aranha-parsers (~> 0.8, >= 0.8.5)
      eac_ruby_utils (~> 0.74)

GEM
  remote: https://rubygems.org/
  specs:
    activesupport (6.1.4.1)
      concurrent-ruby (~> 1.0, >= 1.0.2)
      i18n (>= 1.6, < 2)
      minitest (>= 5.1)
      tzinfo (~> 2.0)
      zeitwerk (~> 2.3)
    addressable (2.8.0)
      public_suffix (>= 2.0.2, < 5.0)
    asciidoctor (2.0.16)
    ast (2.4.2)
    avm (0.8.0)
      eac_cli (~> 0.23, >= 0.23.1)
      eac_docker (~> 0.3)
      eac_git (~> 0.6)
      eac_ruby_utils (~> 0.77)
      eac_templates (~> 0.1, >= 0.1.1)
      filesize (~> 0.2)
      htmlbeautifier (~> 1.3, >= 1.3.1)
      minitar (~> 0.9)
    avm-eac_asciidoctor_base0 (0.3.1)
      asciidoctor (~> 2.0, >= 2.0.12)
      avm-eac_webapp_base0 (~> 0.1)
      eac_ruby_utils (~> 0.63)
      os
      rouge (~> 3.26)
    avm-eac_rails_base1 (0.1.2)
      avm-eac_webapp_base0 (~> 0.1)
      eac_ruby_utils (~> 0.68)
    avm-eac_redmine_base0 (0.3.0)
      avm-eac_rails_base1 (~> 0.1)
      avm-eac_ubuntu_base0 (~> 0.2)
      curb (~> 0.9.10)
      eac_fs (~> 0.4)
      eac_ruby_utils (~> 0.68)
    avm-eac_ruby_base1 (0.1.0)
      avm (~> 0.6)
      eac_ruby_utils (~> 0.76)
    avm-eac_ubuntu_base0 (0.2.0)
      avm (~> 0.7)
      eac_ruby_utils (~> 0.77, >= 0.77.1)
      eac_templates (~> 0.2)
    avm-eac_webapp_base0 (0.1.1)
      avm (~> 0.1)
      eac_ruby_utils (~> 0.68)
    avm-files (0.2.0)
      avm (~> 0.6)
      eac_fs (~> 0.5)
      eac_ruby_utils (~> 0.76)
      eac_templates (~> 0.2)
    avm-git (0.1.0)
      avm-files (~> 0.1)
      eac_git (~> 0.9)
      eac_ruby_utils (~> 0.76)
    avm-tools (0.111.0)
      aranha-parsers (~> 0.4)
      avm (~> 0.1)
      avm-eac_asciidoctor_base0
      avm-eac_redmine_base0 (~> 0.3)
      avm-eac_ruby_base1 (~> 0.1)
      avm-eac_ubuntu_base0 (~> 0.2)
      avm-files (~> 0.1)
      avm-git (~> 0.1)
      clipboard (~> 1.3, >= 1.3.3)
      curb (~> 0.9.10)
      eac_ruby_base0 (~> 0.7, >= 0.7.2)
      eac_ruby_gems_utils (~> 0.6, >= 0.6.1)
      git (~> 1.7)
      ruby-progressbar (~> 1.10, >= 1.10.1)
    axiom-types (0.1.1)
      descendants_tracker (~> 0.0.4)
      ice_nine (~> 0.11.0)
      thread_safe (~> 0.3, >= 0.3.1)
    childprocess (3.0.0)
    clipboard (1.3.6)
    coercible (1.0.0)
      descendants_tracker (~> 0.0.1)
    colorize (0.8.1)
    concurrent-ruby (1.1.9)
    content-type (0.0.1)
      parslet (~> 1.5)
    curb (0.9.11)
    descendants_tracker (0.0.4)
      thread_safe (~> 0.3, >= 0.3.1)
    diff-lcs (1.4.4)
    dry-inflector (0.2.1)
    eac_git (0.9.0)
      eac_ruby_utils (~> 0.74)
      parseconfig (~> 1.0, >= 1.0.8)
    eac_ruby_gem_support (0.4.0)
      eac_ruby_utils (~> 0.74)
      rspec (~> 3.9)
      rubocop (~> 0.80.1)
      rubocop-rails (~> 2.4.2)
      rubocop-rspec (~> 1.38.1)
    faraday (1.8.0)
      faraday-em_http (~> 1.0)
      faraday-em_synchrony (~> 1.0)
      faraday-excon (~> 1.1)
      faraday-httpclient (~> 1.0.1)
      faraday-net_http (~> 1.0)
      faraday-net_http_persistent (~> 1.1)
      faraday-patron (~> 1.0)
      faraday-rack (~> 1.0)
      multipart-post (>= 1.2, < 3)
      ruby2_keywords (>= 0.0.4)
    faraday-em_http (1.0.0)
    faraday-em_synchrony (1.0.0)
    faraday-excon (1.1.0)
    faraday-httpclient (1.0.1)
    faraday-net_http (1.0.1)
    faraday-net_http_persistent (1.2.0)
    faraday-patron (1.0.0)
    faraday-rack (1.0.0)
    faraday_middleware (1.2.0)
      faraday (~> 1.0)
    filesize (0.2.0)
    git (1.9.1)
      rchardet (~> 1.8)
    hpricot (0.8.6)
    htmlbeautifier (1.3.1)
    i18n (1.8.11)
      concurrent-ruby (~> 1.0)
    ice_nine (0.11.2)
    inifile (3.0.0)
    jaro_winkler (1.5.4)
    minitar (0.9)
    minitest (5.14.4)
    multipart-post (2.1.1)
    net-ssh (4.2.0)
    nokogiri (1.12.5-x86_64-linux)
      racc (~> 1.4)
    ofx-parser (1.1.0)
      hpricot (>= 0.6)
    os (1.1.4)
    parallel (1.21.0)
    parseconfig (1.1.2)
    parser (3.0.2.0)
      ast (~> 2.4.1)
    parslet (1.8.2)
    public_suffix (4.0.6)
    racc (1.6.0)
    rack (2.2.3)
    rainbow (3.0.0)
    rchardet (1.8.0)
    rexml (3.2.5)
    rouge (3.26.1)
    rspec (3.10.0)
      rspec-core (~> 3.10.0)
      rspec-expectations (~> 3.10.0)
      rspec-mocks (~> 3.10.0)
    rspec-core (3.10.1)
      rspec-support (~> 3.10.0)
    rspec-expectations (3.10.1)
      diff-lcs (>= 1.2.0, < 2.0)
      rspec-support (~> 3.10.0)
    rspec-mocks (3.10.2)
      diff-lcs (>= 1.2.0, < 2.0)
      rspec-support (~> 3.10.0)
    rspec-support (3.10.3)
    rubocop (0.80.1)
      jaro_winkler (~> 1.5.1)
      parallel (~> 1.10)
      parser (>= 2.7.0.1)
      rainbow (>= 2.2.2, < 4.0)
      rexml
      ruby-progressbar (~> 1.7)
      unicode-display_width (>= 1.4.0, < 1.7)
    rubocop-rails (2.4.2)
      rack (>= 1.1)
      rubocop (>= 0.72.0)
    rubocop-rspec (1.38.1)
      rubocop (>= 0.68.1)
    ruby-filemagic (0.7.2)
    ruby-progressbar (1.11.0)
    ruby2_keywords (0.0.5)
    rubyzip (2.3.2)
    selenium-webdriver (3.142.7)
      childprocess (>= 0.5, < 4.0)
      rubyzip (>= 1.2.2)
    taglib-ruby (1.1.0)
    telegram-bot-ruby (0.16.0)
      dry-inflector
      faraday
      virtus (~> 2.0)
    thread_safe (0.3.6)
    tzinfo (2.0.4)
      concurrent-ruby (~> 1.0)
    unicode-display_width (1.6.1)
    virtus (2.0.0)
      axiom-types (~> 0.1)
      coercible (~> 1.0)
      descendants_tracker (~> 0.0, >= 0.0.3)
    zeitwerk (2.5.1)

PLATFORMS
  x86_64-linux

DEPENDENCIES
  aranha-parsers!
  aranha-selenium!
  eac_cli!
  eac_config!
  eac_docker!
  eac_fs!
  eac_ruby_base0!
  eac_ruby_gem_support (~> 0.3)
  eac_ruby_gems_utils!
  eac_ruby_utils!
  eac_templates!
  ehbrs-tools!
  ehbrs_ruby_utils!
  httpclient!
  ultimate_lyrics!

BUNDLED WITH
   2.2.25
