PATH
  remote: .
  specs:
    ehbrs-tools (0.1.0)
      eac_ruby_utils (~> 0.19)

GEM
  remote: https://rubygems.org/
  specs:
    activesupport (4.2.11.1)
      i18n (~> 0.7)
      minitest (~> 5.1)
      thread_safe (~> 0.3, >= 0.3.4)
      tzinfo (~> 1.1)
    addressable (2.7.0)
      public_suffix (>= 2.0.2, < 5.0)
    ast (2.4.0)
    colorize (0.8.1)
    concurrent-ruby (1.1.6)
    diff-lcs (1.3)
    docopt (0.6.1)
    eac_ruby_utils (0.22.0)
      activesupport (~> 4.0)
      addressable (~> 2.6)
      colorize (~> 0.8.1)
      docopt (~> 0.6.1)
      net-ssh (~> 4.2)
    i18n (0.9.5)
      concurrent-ruby (~> 1.0)
    jaro_winkler (1.5.4)
    minitest (5.14.0)
    net-ssh (4.2.0)
    parallel (1.19.1)
    parser (2.7.1.0)
      ast (~> 2.4.0)
    public_suffix (4.0.3)
    rack (2.2.2)
    rainbow (3.0.0)
    rexml (3.2.4)
    rspec (3.9.0)
      rspec-core (~> 3.9.0)
      rspec-expectations (~> 3.9.0)
      rspec-mocks (~> 3.9.0)
    rspec-core (3.9.1)
      rspec-support (~> 3.9.1)
    rspec-expectations (3.9.1)
      diff-lcs (>= 1.2.0, < 2.0)
      rspec-support (~> 3.9.0)
    rspec-mocks (3.9.1)
      diff-lcs (>= 1.2.0, < 2.0)
      rspec-support (~> 3.9.0)
    rspec-support (3.9.2)
    rubocop (0.81.0)
      jaro_winkler (~> 1.5.1)
      parallel (~> 1.10)
      parser (>= 2.7.0.1)
      rainbow (>= 2.2.2, < 4.0)
      rexml
      ruby-progressbar (~> 1.7)
      unicode-display_width (>= 1.4.0, < 2.0)
    rubocop-rails (2.5.1)
      activesupport
      rack (>= 1.1)
      rubocop (>= 0.72.0)
    rubocop-rspec (1.38.1)
      rubocop (>= 0.68.1)
    ruby-progressbar (1.10.1)
    thread_safe (0.3.6)
    tzinfo (1.2.7)
      thread_safe (~> 0.1)
    unicode-display_width (1.7.0)

PLATFORMS
  ruby

DEPENDENCIES
  ehbrs-tools!
  rspec (~> 3.9)
  rubocop
  rubocop-rails
  rubocop-rspec

BUNDLED WITH
   1.17.3
