PATH
  remote: .
  specs:
    ehbrs-tools (0.38.0)
      avm-tools (~> 0.156)
      eac_cli (~> 0.38)
      eac_ruby_utils (~> 0.119, >= 0.119.2)
      ehbrs_ruby_utils (~> 0.36, >= 0.36.1)
      filesize (~> 0.2)
      inifile (~> 3.0)
      os (~> 1.1, >= 1.1.4)
      telegram-bot-ruby (~> 0.23)

PATH
  remote: sub/ehbrs_ruby_utils
  specs:
    ehbrs_ruby_utils (0.36.1)
      aranha (~> 0.19, >= 0.19.2)
      aranha-parsers (~> 0.21)
      aranha-selenium (~> 0.7)
      avm (~> 0.80)
      dentaku (~> 3.5, >= 3.5.1)
      eac_fs (~> 0.16)
      eac_rest (~> 0.10)
      eac_ruby_utils (~> 0.119, >= 0.119.2)
      eac_templates (~> 0.5)
      srt (~> 0.1, >= 0.1.5)
      taglib-ruby (~> 1.1, >= 1.1.3)
      ultimate_lyrics (~> 0.1, >= 0.1.3)

GEM
  remote: https://rubygems.org/
  specs:
    activesupport (6.1.7.6)
      concurrent-ruby (~> 1.0, >= 1.0.2)
      i18n (>= 1.6, < 2)
      minitest (>= 5.1)
      tzinfo (~> 2.0)
      zeitwerk (~> 2.3)
    addressable (2.8.5)
      public_suffix (>= 2.0.2, < 6.0)
    aranha (0.19.2)
      aranha-parsers (~> 0.18)
      aranha-selenium (~> 0.5)
      eac_ruby_utils (~> 0.116)
    aranha-parsers (0.21.0)
      activesupport (>= 4.0.0)
      addressable (~> 2.8, >= 2.8.4)
      eac_envs-http (~> 0.4)
      eac_ruby_utils (~> 0.117, >= 0.117.1)
      nokogiri (~> 1.15, >= 1.15.2)
      ofx-parser (~> 1.1)
    aranha-selenium (0.7.0)
      eac_ruby_utils (~> 0.117, >= 0.117.1)
      selenium-webdriver (~> 3.142, >= 3.142.7)
    ast (2.4.2)
    avm (0.80.0)
      aranha-parsers (~> 0.21)
      eac_cli (~> 0.38)
      eac_config (~> 0.14, >= 0.14.1)
      eac_docker (~> 0.7)
      eac_fs (~> 0.16)
      eac_git (~> 0.14, >= 0.14.1)
      eac_ruby_utils (~> 0.119, >= 0.119.2)
      eac_templates (~> 0.5)
      filesize (~> 0.2)
      htmlbeautifier (~> 1.4, >= 1.4.2)
      minitar (~> 0.9)
    avm-eac_generic_base0 (0.12.1)
      avm (~> 0.79)
      eac_ruby_utils (~> 0.119, >= 0.119.2)
    avm-eac_ruby_base1 (0.32.1)
      aranha-parsers (~> 0.21)
      avm (~> 0.80)
      avm-eac_generic_base0 (~> 0.12, >= 0.12.1)
      eac_envs-http (~> 0.4, >= 0.4.1)
      eac_ruby_utils (~> 0.119, >= 0.119.2)
    avm-eac_ubuntu_base0 (0.5.0)
      avm (~> 0.77)
      eac_ruby_utils (~> 0.117, >= 0.117.1)
      eac_templates (~> 0.5)
    avm-files (0.6.2)
      avm (~> 0.67, >= 0.67.1)
      eac_cli (~> 0.30, >= 0.30.1)
      eac_fs (~> 0.16)
      eac_ruby_utils (~> 0.112)
      eac_templates (~> 0.5)
    avm-git (0.13.4)
      avm (~> 0.79)
      avm-files (~> 0.6, >= 0.6.2)
      eac_git (~> 0.14, >= 0.14.1)
      eac_ruby_utils (~> 0.119, >= 0.119.1)
      git (~> 1.18)
    avm-tools (0.156.0)
      aranha-parsers (~> 0.21)
      avm (~> 0.80)
      avm-eac_ruby_base1 (~> 0.32, >= 0.32.1)
      avm-eac_ubuntu_base0 (~> 0.5)
      avm-files (~> 0.6, >= 0.6.2)
      avm-git (~> 0.13, >= 0.13.4)
      clipboard (~> 1.3, >= 1.3.6)
      curb (~> 0.9, >= 0.9.11)
      eac_git (~> 0.14, >= 0.14.1)
      eac_ruby_base0 (~> 0.19)
      eac_templates (~> 0.5)
      git (~> 1.18)
      ruby-progressbar (~> 1.13)
    axiom-types (0.1.1)
      descendants_tracker (~> 0.0.4)
      ice_nine (~> 0.11.0)
      thread_safe (~> 0.3, >= 0.3.1)
    base64 (0.1.1)
    childprocess (3.0.0)
    clipboard (1.3.6)
    coercible (1.0.0)
      descendants_tracker (~> 0.0.1)
    colorize (0.8.1)
    concurrent-ruby (1.2.2)
    content-type (0.0.2)
      parslet (~> 2.0)
    curb (0.9.11)
    dentaku (3.5.1)
      concurrent-ruby
    descendants_tracker (0.0.4)
      thread_safe (~> 0.3, >= 0.3.1)
    diff-lcs (1.5.0)
    dry-inflector (1.0.0)
    eac_cli (0.38.0)
      colorize (~> 0.8, >= 0.8.1)
      eac_config (~> 0.14)
      eac_ruby_utils (~> 0.119, >= 0.119.2)
    eac_config (0.14.1)
      addressable (~> 2.8, >= 2.8.5)
      eac_ruby_utils (~> 0.119, >= 0.119.2)
    eac_docker (0.7.0)
      eac_ruby_utils (~> 0.112)
      eac_templates (~> 0.3, >= 0.3.2)
    eac_envs-http (0.4.1)
      eac_fs (~> 0.16)
      eac_ruby_utils (~> 0.119, >= 0.119.1)
      faraday (~> 2.7, >= 2.7.10)
      faraday-follow_redirects (~> 0.3)
      faraday-gzip (~> 0.1)
      faraday-multipart (~> 1.0, >= 1.0.4)
      faraday-retry (~> 2.2)
    eac_fs (0.16.0)
      content-type (~> 0.0, >= 0.0.2)
      eac_ruby_utils (~> 0.107, >= 0.107.1)
      ruby-filemagic (~> 0.7, >= 0.7.3)
    eac_git (0.14.1)
      eac_ruby_utils (~> 0.112)
      parseconfig (~> 1.1, >= 1.1.2)
    eac_rest (0.10.0)
      eac_envs-http (~> 0.4, >= 0.4.1)
      eac_fs (~> 0.16)
      eac_ruby_utils (~> 0.119, >= 0.119.1)
    eac_ruby_base0 (0.19.0)
      avm-eac_ruby_base1 (~> 0.30, >= 0.30.3)
      eac_cli (~> 0.35)
      eac_fs (~> 0.16)
      eac_ruby_utils (~> 0.117)
    eac_ruby_gem_support (0.8.2)
      eac_ruby_utils (~> 0.119, >= 0.119.2)
      rspec (~> 3.12)
      rubocop (~> 1.57, >= 1.57.1)
      rubocop-rails (~> 2.21, >= 2.21.2)
      rubocop-rspec (~> 2.24, >= 2.24.1)
    eac_ruby_utils (0.119.2)
      activesupport (>= 4, < 7)
      addressable (~> 2.8, >= 2.8.5)
      bundler
      filesize (~> 0.2)
      net-ssh (~> 4.2)
    eac_templates (0.5.0)
      eac_config (~> 0.12)
      eac_ruby_utils (~> 0.112)
    faraday (2.7.11)
      base64
      faraday-net_http (>= 2.0, < 3.1)
      ruby2_keywords (>= 0.0.4)
    faraday-follow_redirects (0.3.0)
      faraday (>= 1, < 3)
    faraday-gzip (0.1.0)
      faraday (>= 1.0)
      zlib (~> 2.1)
    faraday-multipart (1.0.4)
      multipart-post (~> 2)
    faraday-net_http (3.0.2)
    faraday-retry (2.2.0)
      faraday (~> 2.0)
    filesize (0.2.0)
    git (1.18.0)
      addressable (~> 2.8)
      rchardet (~> 1.8)
    hpricot (0.8.6)
    htmlbeautifier (1.4.2)
    i18n (1.14.1)
      concurrent-ruby (~> 1.0)
    ice_nine (0.11.2)
    inifile (3.0.0)
    json (2.6.3)
    language_server-protocol (3.17.0.3)
    minitar (0.9)
    minitest (5.20.0)
    multipart-post (2.3.0)
    net-ssh (4.2.0)
    nokogiri (1.15.4-x86_64-linux)
      racc (~> 1.4)
    ofx-parser (1.1.0)
      hpricot (>= 0.6)
    os (1.1.4)
    parallel (1.23.0)
    parseconfig (1.1.2)
    parser (3.2.2.4)
      ast (~> 2.4.1)
      racc
    parslet (2.0.0)
    public_suffix (5.0.3)
    racc (1.7.1)
    rack (3.0.8)
    rainbow (3.1.1)
    rchardet (1.8.0)
    regexp_parser (2.8.2)
    rexml (3.2.6)
    rspec (3.12.0)
      rspec-core (~> 3.12.0)
      rspec-expectations (~> 3.12.0)
      rspec-mocks (~> 3.12.0)
    rspec-core (3.12.2)
      rspec-support (~> 3.12.0)
    rspec-expectations (3.12.3)
      diff-lcs (>= 1.2.0, < 2.0)
      rspec-support (~> 3.12.0)
    rspec-mocks (3.12.6)
      diff-lcs (>= 1.2.0, < 2.0)
      rspec-support (~> 3.12.0)
    rspec-support (3.12.1)
    rubocop (1.57.2)
      json (~> 2.3)
      language_server-protocol (>= 3.17.0)
      parallel (~> 1.10)
      parser (>= 3.2.2.4)
      rainbow (>= 2.2.2, < 4.0)
      regexp_parser (>= 1.8, < 3.0)
      rexml (>= 3.2.5, < 4.0)
      rubocop-ast (>= 1.28.1, < 2.0)
      ruby-progressbar (~> 1.7)
      unicode-display_width (>= 2.4.0, < 3.0)
    rubocop-ast (1.30.0)
      parser (>= 3.2.1.0)
    rubocop-capybara (2.19.0)
      rubocop (~> 1.41)
    rubocop-factory_bot (2.24.0)
      rubocop (~> 1.33)
    rubocop-rails (2.22.1)
      activesupport (>= 4.2.0)
      rack (>= 1.1)
      rubocop (>= 1.33.0, < 2.0)
    rubocop-rspec (2.25.0)
      rubocop (~> 1.40)
      rubocop-capybara (~> 2.17)
      rubocop-factory_bot (~> 2.22)
    ruby-filemagic (0.7.3)
    ruby-progressbar (1.13.0)
    ruby2_keywords (0.0.5)
    rubyzip (2.3.2)
    selenium-webdriver (3.142.7)
      childprocess (>= 0.5, < 4.0)
      rubyzip (>= 1.2.2)
    srt (0.1.5)
    taglib-ruby (1.1.3)
    telegram-bot-ruby (0.23.0)
      dry-inflector
      faraday (~> 2.0)
      faraday-multipart (~> 1.0)
      virtus (~> 2.0)
    thread_safe (0.3.6)
    tzinfo (2.0.6)
      concurrent-ruby (~> 1.0)
    ultimate_lyrics (0.1.3)
      aranha-parsers (~> 0.10)
      eac_ruby_utils (~> 0.102, >= 0.102.1)
    unicode-display_width (2.5.0)
    virtus (2.0.0)
      axiom-types (~> 0.1)
      coercible (~> 1.0)
      descendants_tracker (~> 0.0, >= 0.0.3)
    zeitwerk (2.6.12)
    zlib (2.1.1)

PLATFORMS
  x86_64-linux

DEPENDENCIES
  eac_ruby_gem_support (~> 0.8, >= 0.8.2)
  ehbrs-tools!
  ehbrs_ruby_utils!

BUNDLED WITH
   2.4.19
